GEM
  remote: http://rubygems.org/
  specs:
    activesupport (3.0.10)
    addressable (2.2.6)
    akami (1.0.0)
      gyoku (>= 0.4.0)
    bcrypt-ruby (2.1.4)
    bitbank (0.1.2)
      activesupport (>= 3.0.7)
      i18n (>= 0.5.0)
      rest-client (>= 1.6.3)
    builder (3.0.0)
    datamapper (1.1.0)
      dm-aggregates (= 1.1.0)
      dm-constraints (= 1.1.0)
      dm-core (= 1.1.0)
      dm-migrations (= 1.1.0)
      dm-serializer (= 1.1.0)
      dm-timestamps (= 1.1.0)
      dm-transactions (= 1.1.0)
      dm-types (= 1.1.0)
      dm-validations (= 1.1.0)
    dm-aggregates (1.1.0)
      dm-core (~> 1.1.0)
    dm-constraints (1.1.0)
      dm-core (~> 1.1.0)
    dm-core (1.1.0)
      addressable (~> 2.2.4)
    dm-migrations (1.1.0)
      dm-core (~> 1.1.0)
    dm-redis-adapter (0.4.0)
      dm-core (>= 1.1.0)
      dm-types (>= 1.1.0)
      hiredis (~> 0.3.0)
      redis (~> 2.2)
    dm-serializer (1.1.0)
      dm-core (~> 1.1.0)
      fastercsv (~> 1.5.4)
      json (~> 1.4.6)
    dm-timestamps (1.1.0)
      dm-core (~> 1.1.0)
    dm-transactions (1.1.0)
      dm-core (~> 1.1.0)
    dm-types (1.1.0)
      bcrypt-ruby (~> 2.1.4)
      dm-core (~> 1.1.0)
      fastercsv (~> 1.5.4)
      json (~> 1.4.6)
      stringex (~> 1.2.0)
      uuidtools (~> 2.1.2)
    dm-validations (1.1.0)
      dm-core (~> 1.1.0)
    faraday (0.7.4)
      addressable (~> 2.2.6)
      multipart-post (~> 1.1.0)
      rack (< 2, >= 1.1.0)
    fastercsv (1.5.4)
    ffi (1.0.9)
    ffi-rzmq (0.7.2)
    gyoku (0.4.4)
      builder (>= 2.1.2)
    hiredis (0.3.2)
    httpi (0.9.5)
      rack
    i18n (0.6.0)
    json (1.4.6)
    mime-types (1.16)
    multipart-post (1.1.3)
    nokogiri (1.5.0)
    nori (1.0.2)
    rack (1.3.2)
    rack-mongrel2 (0.2.4)
      ffi (~> 1.0.0)
      ffi-rzmq (~> 0.7.0)
    rack-test (0.6.1)
      rack (>= 1.0)
    redis (2.2.2)
    rest-client (1.6.7)
      mime-types (>= 1.16)
    savon (0.9.6)
      akami (~> 1.0)
      builder (>= 2.1.2)
      gyoku (>= 0.4.0)
      httpi (~> 0.9)
      nokogiri (>= 1.4.0)
      nori (~> 1.0)
      wasabi (~> 2.0)
    sinatra (1.2.6)
      rack (~> 1.1)
      tilt (>= 1.2.2, < 2.0)
    stringex (1.2.2)
    tilt (1.3.2)
    uuidtools (2.1.2)
    wasabi (2.0.0)
      nokogiri (>= 1.4.0)

PLATFORMS
  ruby

DEPENDENCIES
  bitbank
  datamapper
  dm-redis-adapter
  faraday
  rack-mongrel2
  rack-test
  redis
  savon
  sinatra
  uuidtools
