GEM
  remote: http://rubygems.org/
  specs:
    macaddr (1.0.0)
    rack (1.3.2)
    redis (2.2.1)
    sinatra (1.2.6)
      rack (~> 1.1)
      tilt (< 2.0, >= 1.2.2)
    tilt (1.3.2)
    uuid (2.3.3)
      macaddr (~> 1.0)

PLATFORMS
  ruby

DEPENDENCIES
  redis
  sinatra
  uuid
